GEM
  remote: https://rubygems.org/
  specs:
    coderay (1.1.3)
    concurrent-ruby (1.1.10)
    faker (2.22.0)
      i18n (>= 1.8.11, < 2)
    i18n (1.12.0)
      concurrent-ruby (~> 1.0)
    method_source (1.0.0)
    pry (0.14.1)
      coderay (~> 1.1)
      method_source (~> 1.0)

PLATFORMS
  x86_64-linux

DEPENDENCIES
  faker
  pry

BUNDLED WITH
   2.3.19
